GEM
  remote: https://rubygems.org/
  specs:
    debug (1.8.0)
      irb (>= 1.5.0)
      reline (>= 0.3.1)
    dotenv (2.8.1)
    io-console (0.6.0)
    irb (1.6.3)
      reline (>= 0.3.0)
    json (2.6.3)
    pg (1.5.4)
    rbs (3.1.3)
    reline (0.3.9)
      io-console (~> 0.5)
    terminal-table (3.0.2)
      unicode-display_width (>= 1.1.1, < 3)
    unicode-display_width (2.5.0)

PLATFORMS
  arm64-darwin-22
  arm64-darwin-23

DEPENDENCIES
  debug
  dotenv
  json
  pg
  rbs
  terminal-table

BUNDLED WITH
   2.4.20
